FRAMEWORK: NET452
NUGET
  remote: https://api.nuget.org/v3/index.json
    EntityFramework (6.1.3)
    Microsoft.ApplicationInsights (2.2.0-beta2)
    Microsoft.ApplicationInsights.Agent.Intercept (2.0.6)
    Microsoft.ApplicationInsights.DependencyCollector (2.2.0-beta2)
      Microsoft.ApplicationInsights (2.2.0-beta2)
      Microsoft.ApplicationInsights.Agent.Intercept (>= 2.0.1)
    Microsoft.ApplicationInsights.JavaScript (1.0.4-build00190)
    Microsoft.ApplicationInsights.PerfCounterCollector (2.2.0-beta2)
      Microsoft.ApplicationInsights (2.2.0-beta2)
    Microsoft.ApplicationInsights.Web (2.2.0-beta2)
      Microsoft.ApplicationInsights (2.2.0-beta2)
      Microsoft.ApplicationInsights.WindowsServer (>= 2.2.0-beta2)
    Microsoft.ApplicationInsights.WindowsServer (2.2.0-beta2)
      Microsoft.ApplicationInsights (2.2.0-beta2)
      Microsoft.ApplicationInsights.DependencyCollector (>= 2.2.0-beta2)
      Microsoft.ApplicationInsights.PerfCounterCollector (>= 2.2.0-beta2)
      Microsoft.ApplicationInsights.WindowsServer.TelemetryChannel (2.2.0-beta2)
    Microsoft.ApplicationInsights.WindowsServer.TelemetryChannel (2.2.0-beta2)
      Microsoft.ApplicationInsights (2.2.0-beta2)
    Microsoft.AspNet.WebApi (5.2.3)
      Microsoft.AspNet.WebApi.WebHost (>= 5.2.3 < 5.3)
    Microsoft.AspNet.WebApi.Client (5.2.3)
      Newtonsoft.Json (>= 6.0.4)
    Microsoft.AspNet.WebApi.Core (5.2.3)
      Microsoft.AspNet.WebApi.Client (>= 5.2.3)
    Microsoft.AspNet.WebApi.WebHost (5.2.3)
      Microsoft.AspNet.WebApi.Core (>= 5.2.3 < 5.3)
    Microsoft.CodeDom.Providers.DotNetCompilerPlatform (1.0.2)
      Microsoft.Net.Compilers (>= 1.3.2)
    Microsoft.Net.Compilers (1.3.2)
    Newtonsoft.Json (9.0.1)
    System.Data.SQLite (1.0.103)
    System.Data.SQLite.EF6 (1.0.103)
