FRAMEWORK: >= NET452
NUGET
  remote: http://api.nuget.org/v3/index.json
    Autofac (4.2)
    Autofac.Owin (4.0)
      Autofac (>= 3.5 < 5.0)
      Microsoft.Owin (>= 3.0 < 4.0)
    Autofac.WebApi2 (4.0.1)
      Autofac (>= 3.5 < 5.0)
      Microsoft.AspNet.WebApi.Core (>= 5.2 < 6.0)
    AutoMapper (5.1.1)
    Microsoft.AspNet.WebApi.Client (5.2.3)
      Newtonsoft.Json (>= 6.0.4)
    Microsoft.AspNet.WebApi.Core (5.2.3)
      Microsoft.AspNet.WebApi.Client (>= 5.2.3)
    Microsoft.AspNet.WebApi.Owin (5.2.3)
      Microsoft.AspNet.WebApi.Core (>= 5.2.3 < 5.3)
      Microsoft.Owin (>= 2.0.2)
      Owin (>= 1.0)
    Microsoft.Owin (3.0.1)
      Owin (>= 1.0)
    Microsoft.Owin.Host.SystemWeb (3.0.1)
      Microsoft.Owin (>= 3.0.1)
      Owin (>= 1.0)
    Newtonsoft.Json (9.0.1)
    Owin (1.0)
    Serilog (2.3)
    Serilog.Formatting.Compact (1.0)
      Serilog (>= 2.0)
    Serilog.Sinks.File (3.1.1)
      Serilog (>= 2.3)
    Serilog.Sinks.PeriodicBatching (2.1)
      Serilog (>= 2.0)
    Serilog.Sinks.RollingFile (3.2)
      Serilog.Sinks.File (>= 3.1)
    Serilog.Sinks.Seq (3.1.1)
      Serilog (>= 2.2)
      Serilog.Formatting.Compact (>= 1.0)
      Serilog.Sinks.PeriodicBatching (>= 2.1)
      Serilog.Sinks.RollingFile (>= 3.0)
    Swashbuckle.Core (5.5.3)
      Microsoft.AspNet.WebApi.Core (>= 4.0.20710)

GROUP Build
NUGET
  remote: http://api.nuget.org/v3/index.json
    FAKE (4.45.2)
    xunit.runner.console (2.1)

GROUP Test
FRAMEWORK: >= NET452
NUGET
  remote: http://api.nuget.org/v3/index.json
    FluentAssertions (4.17)
    Microsoft.Owin (3.0.1)
      Owin (>= 1.0)
    Microsoft.Owin.Hosting (3.0.1)
      Microsoft.Owin (>= 3.0.1)
      Owin (>= 1.0)
    Microsoft.Owin.Testing (3.0.1)
      Microsoft.Owin.Hosting (>= 3.0.1)
      Owin (>= 1.0)
    Owin (1.0)
    Serilog (2.3)
    Serilog.Sinks.Literate (2.0)
      Serilog (>= 2.0)
    xunit (2.1)
      xunit.assert (2.1)
      xunit.core (2.1)
    xunit.abstractions (2.0)
    xunit.assert (2.1)
    xunit.core (2.1)
      xunit.extensibility.core (2.1)
      xunit.extensibility.execution (2.1)
    xunit.extensibility.core (2.1)
      xunit.abstractions (2.0)
    xunit.extensibility.execution (2.1)
      xunit.extensibility.core (2.1)
